PATH
  remote: .
  specs:
    dog-bot (0.1.0)
      blather (~> 0.8.0)
      google_image_api (~> 0.0.1)
      rufus-scheduler (~> 2.0.17)

GEM
  remote: https://rubygems.org/
  specs:
    activesupport (3.2.8)
      i18n (~> 0.6)
      multi_json (~> 1.0)
    blather (0.8.0)
      activesupport (>= 2.3.11)
      eventmachine (>= 0.12.6)
      girl_friday
      niceogiri (~> 1.0)
      nokogiri (~> 1.5.5)
    connection_pool (0.9.2)
    eventmachine (0.12.10)
    girl_friday (0.10.0)
      connection_pool (~> 0.9.0)
    google_image_api (0.0.1)
    i18n (0.6.1)
    multi_json (1.3.7)
    niceogiri (1.0.2)
      nokogiri (~> 1.4)
    nokogiri (1.5.5)
    rake (0.9.2.2)
    rufus-scheduler (2.0.17)
      tzinfo (>= 0.3.23)
    tzinfo (0.3.33)

PLATFORMS
  ruby

DEPENDENCIES
  dog-bot!
  rake (~> 0.9.2.2)
