PATH
  remote: .
  specs:
    dog-bot (0.1.4)
      blather (~> 0.8.0)
      google_image_api (~> 0.0.1)

GEM
  remote: https://rubygems.org/
  specs:
    activesupport (3.2.13)
      i18n (= 0.6.1)
      multi_json (~> 1.0)
    blather (0.8.3)
      activesupport (>= 2.3.11)
      eventmachine (>= 1.0.0)
      girl_friday
      niceogiri (~> 1.0)
      nokogiri (~> 1.5, >= 1.5.6)
    connection_pool (1.0.0)
    eventmachine (1.0.3)
    girl_friday (0.11.2)
      connection_pool (~> 1.0)
      rubinius-actor
    google_image_api (0.0.1)
    i18n (0.6.1)
    mini_portile (0.5.0)
    multi_json (1.7.7)
    niceogiri (1.1.1)
      nokogiri (~> 1.5)
    nokogiri (1.6.0)
      mini_portile (~> 0.5.0)
    rake (0.9.2.2)
    rubinius-actor (0.0.2)
      rubinius-core-api
    rubinius-core-api (0.0.1)

PLATFORMS
  ruby

DEPENDENCIES
  dog-bot!
  rake (~> 0.9.2.2)
