PATH
  remote: .
  specs:
    dog-bot (0.1.5)
      blather (~> 0.8.0)
      google_image_api (~> 0.0.1)

GEM
  remote: https://rubygems.org/
  specs:
    activesupport (6.0.2.1)
      concurrent-ruby (~> 1.0, >= 1.0.2)
      i18n (>= 0.7, < 2)
      minitest (~> 5.1)
      tzinfo (~> 1.1)
      zeitwerk (~> 2.2)
    blather (0.8.8)
      activesupport (>= 2.3.11)
      eventmachine (>= 1.0.0)
      girl_friday
      niceogiri (~> 1.0)
      nokogiri (~> 1.5, >= 1.5.6)
    concurrent-ruby (1.1.6)
    connection_pool (1.2.0)
    eventmachine (1.2.7)
    girl_friday (0.11.2)
      connection_pool (~> 1.0)
      rubinius-actor
    google_image_api (0.0.1)
    i18n (1.8.2)
      concurrent-ruby (~> 1.0)
    mini_portile2 (2.4.0)
    minitest (5.14.0)
    niceogiri (1.1.2)
      nokogiri (~> 1.5)
    nokogiri (1.10.8)
      mini_portile2 (~> 2.4.0)
    rake (12.3.3)
    rubinius-actor (0.0.2)
      rubinius-core-api
    rubinius-core-api (0.0.1)
    thread_safe (0.3.6)
    tzinfo (1.2.6)
      thread_safe (~> 0.1)
    zeitwerk (2.2.2)

PLATFORMS
  ruby

DEPENDENCIES
  dog-bot!
  rake (~> 12.3.3)
